GEM
  remote: http://rubygems.org/
  specs:
    rack (1.3.0)
    rack-legacy (0.2.1)
      rack
    rack-rewrite (1.0.2)

PLATFORMS
  ruby

DEPENDENCIES
  rack-legacy
  rack-rewrite
